GEM
  remote: http://rubygems.org/
  specs:
    activemodel (3.0.5)
      activesupport (= 3.0.5)
      builder (~> 2.1.2)
      i18n (~> 0.4)
    activerecord (3.0.5)
      activemodel (= 3.0.5)
      activesupport (= 3.0.5)
      arel (~> 2.0.2)
      tzinfo (~> 0.3.23)
    activesupport (3.0.5)
    arel (2.0.9)
    builder (2.1.2)
    i18n (0.5.0)
    pg (0.10.1)
    rake (0.8.7)
    standalone_migrations (0.4.5)
      activerecord
      rake
    tzinfo (0.3.26)

PLATFORMS
  ruby

DEPENDENCIES
  pg
  standalone_migrations
